GEM
  remote: http://rubygems.org/
  specs:
    abstract (1.0.0)
    actionmailer (3.0.3)
      actionpack (= 3.0.3)
      mail (~> 2.2.9)
    actionpack (3.0.3)
      activemodel (= 3.0.3)
      activesupport (= 3.0.3)
      builder (~> 2.1.2)
      erubis (~> 2.6.6)
      i18n (~> 0.4)
      rack (~> 1.2.1)
      rack-mount (~> 0.6.13)
      rack-test (~> 0.5.6)
      tzinfo (~> 0.3.23)
    activemodel (3.0.3)
      activesupport (= 3.0.3)
      builder (~> 2.1.2)
      i18n (~> 0.4)
    activerecord (3.0.3)
      activemodel (= 3.0.3)
      activesupport (= 3.0.3)
      arel (~> 2.0.2)
      tzinfo (~> 0.3.23)
    activeresource (3.0.3)
      activemodel (= 3.0.3)
      activesupport (= 3.0.3)
    activesupport (3.0.3)
    addressable (2.2.2)
    annotate (2.4.0)
    arel (2.0.4)
    autotest (4.4.4)
    autotest-fsevent (0.2.3)
      sys-uname
    autotest-growl (0.2.6)
    bcrypt-ruby (2.1.2)
    builder (2.1.2)
    cancan (1.4.0)
    capybara (0.4.0)
      celerity (>= 0.7.9)
      culerity (>= 0.2.4)
      mime-types (>= 1.16)
      nokogiri (>= 1.3.3)
      rack (>= 1.0.0)
      rack-test (>= 0.5.4)
      selenium-webdriver (>= 0.0.27)
      xpath (~> 0.1.2)
    celerity (0.8.4)
    childprocess (0.1.4)
      ffi (~> 0.6.3)
    closure-compiler (0.3.3)
    compass (0.10.6)
      haml (>= 3.0.4)
    configuration (1.2.0)
    cucumber (0.9.4)
      builder (~> 2.1.2)
      diff-lcs (~> 1.1.2)
      gherkin (~> 2.2.9)
      json (~> 1.4.6)
      term-ansicolor (~> 1.0.5)
    cucumber-rails (0.3.2)
      cucumber (>= 0.8.0)
    culerity (0.2.12)
    database_cleaner (0.6.0)
    devise (1.1.3)
      bcrypt-ruby (~> 2.1.2)
      warden (~> 0.10.7)
    diff-lcs (1.1.2)
    erubis (2.6.6)
      abstract (>= 1.0.0)
    factory_girl (1.3.2)
    factory_girl_rails (1.0)
      factory_girl (~> 1.3)
      rails (>= 3.0.0.beta4)
    faraday (0.5.3)
      addressable (~> 2.2.2)
      multipart-post (~> 1.0.1)
      rack (>= 1.1.0, < 2)
    ffi (0.6.3)
      rake (>= 0.8.7)
    gherkin (2.2.9)
      json (~> 1.4.6)
      term-ansicolor (~> 1.0.5)
    haml (3.0.24)
    haml-rails (0.3.4)
      actionpack (~> 3.0)
      activesupport (~> 3.0)
      haml (~> 3.0)
      railties (~> 3.0)
    hpricot (0.8.2)
    html5-boilerplate (0.2.6)
      compass (>= 0.10.0)
    i18n (0.4.2)
    jammit (0.5.4)
      closure-compiler (>= 0.1.0)
      yui-compressor (>= 0.9.1)
    json (1.4.6)
    json_pure (1.4.6)
    juggernaut (2.0.0)
      redis
    launchy (0.3.7)
      configuration (>= 0.0.5)
      rake (>= 0.8.1)
    mail (2.2.10)
      activesupport (>= 2.3.6)
      i18n (~> 0.4.1)
      mime-types (~> 1.16)
      treetop (~> 1.4.8)
    mime-types (1.16)
    multi_json (0.0.5)
    multipart-post (1.0.1)
    mysql2 (0.2.6)
    net-ldap (0.1.1)
    nokogiri (1.4.4)
    notifier (0.1.1)
    oa-basic (0.1.6)
      multi_json (~> 0.0.2)
      nokogiri (~> 1.4.2)
      oa-core (= 0.1.6)
      rest-client (~> 1.6.0)
    oa-core (0.1.6)
      rack (~> 1.1)
    oa-enterprise (0.1.6)
      net-ldap (~> 0.1.1)
      nokogiri (~> 1.4.2)
      oa-core (= 0.1.6)
      pyu-ruby-sasl (~> 0.0.3.1)
      rubyntlm (~> 0.1.1)
    oa-oauth (0.1.6)
      multi_json (~> 0.0.2)
      nokogiri (~> 1.4.2)
      oa-core (= 0.1.6)
      oauth (~> 0.4.0)
      oauth2 (~> 0.1.0)
    oa-openid (0.1.6)
      oa-core (= 0.1.6)
      rack-openid (~> 1.2.0)
      ruby-openid-apps-discovery
    oauth (0.4.4)
    oauth2 (0.1.0)
      faraday (~> 0.5.0)
      multi_json (~> 0.0.4)
    omniauth (0.1.6)
      oa-basic (= 0.1.6)
      oa-core (= 0.1.6)
      oa-enterprise (= 0.1.6)
      oa-oauth (= 0.1.6)
      oa-openid (= 0.1.6)
    open4 (0.9.6)
    paperclip (2.3.5)
      activerecord
      activesupport
    polyglot (0.3.1)
    pyu-ruby-sasl (0.0.3.2)
    rack (1.2.1)
    rack-mount (0.6.13)
      rack (>= 1.0.0)
    rack-openid (1.2.0)
      rack (>= 1.1.0)
      ruby-openid (>= 2.1.8)
    rack-test (0.5.6)
      rack (>= 1.0)
    rails (3.0.3)
      actionmailer (= 3.0.3)
      actionpack (= 3.0.3)
      activerecord (= 3.0.3)
      activeresource (= 3.0.3)
      activesupport (= 3.0.3)
      bundler (~> 1.0)
      railties (= 3.0.3)
    railties (3.0.3)
      actionpack (= 3.0.3)
      activesupport (= 3.0.3)
      rake (>= 0.8.7)
      thor (~> 0.14.4)
    rake (0.8.7)
    rake-remote_task (2.0.2)
      open4 (~> 0.9.0)
      rake (~> 0.8.0)
    redis (2.1.1)
    redis-namespace (0.8.0)
      redis (< 3.0.0)
    resque (1.10.0)
      json (~> 1.4.6)
      redis-namespace (~> 0.8.0)
      sinatra (>= 0.9.2)
      vegas (~> 0.1.2)
    resque-scheduler (1.9.7)
      redis (>= 2.0.1)
      resque (>= 1.8.0)
      rufus-scheduler
    rest-client (1.6.1)
      mime-types (>= 1.16)
    rspec (2.1.0)
      rspec-core (~> 2.1.0)
      rspec-expectations (~> 2.1.0)
      rspec-mocks (~> 2.1.0)
    rspec-core (2.1.0)
    rspec-expectations (2.1.0)
      diff-lcs (~> 1.1.2)
    rspec-mocks (2.1.0)
    rspec-rails (2.1.0)
      rspec (~> 2.1.0)
    ruby-openid (2.1.8)
    ruby-openid-apps-discovery (1.2.0)
      ruby-openid (>= 2.1.7)
    ruby_parser (2.0.5)
      sexp_processor (~> 3.0)
    rubyntlm (0.1.1)
    rubyzip (0.9.4)
    rufus-scheduler (2.0.7)
      tzinfo
    selenium-webdriver (0.1.0)
      childprocess (= 0.1.4)
      ffi (~> 0.6.3)
      json_pure
      rubyzip
    sexp_processor (3.0.5)
    shoulda (2.11.3)
    sinatra (1.1.0)
      rack (~> 1.1)
      tilt (~> 1.1)
    spork (0.9.0.rc2)
    sprockets (1.0.2)
    sqlite3-ruby (1.3.1)
    sys-uname (0.8.4)
    term-ansicolor (1.0.5)
    test_notifier (0.3.6)
      notifier
    thor (0.14.4)
    tilt (1.1)
    transitions (0.0.9)
    treetop (1.4.9)
      polyglot (>= 0.3.1)
    tzinfo (0.3.23)
    vegas (0.1.8)
      rack (>= 1.0.0)
    vlad (2.1.0)
      open4 (~> 0.9.0)
      rake (~> 0.8.0)
      rake-remote_task (~> 2.0)
    vlad-git (2.2.0)
      vlad (>= 2.1.0)
    warden (0.10.7)
      rack (>= 1.0.0)
    xpath (0.1.2)
      nokogiri (~> 1.3)
    yui-compressor (0.9.1)

PLATFORMS
  ruby

DEPENDENCIES
  annotate
  autotest
  autotest-fsevent
  autotest-growl
  cancan
  capybara
  compass
  cucumber
  cucumber-rails
  database_cleaner
  devise
  factory_girl_rails
  haml
  haml-rails
  hpricot (= 0.8.2)
  html5-boilerplate (>= 0.2.6)
  jammit
  juggernaut
  launchy
  mysql2
  omniauth
  paperclip
  rails (= 3.0.3)
  redis
  resque
  resque-scheduler
  rspec (>= 2.1.0)
  rspec-rails (>= 2.1.0)
  ruby_parser (= 2.0.5)
  shoulda
  spork (>= 0.9.0.rc2)
  sprockets
  sqlite3-ruby
  test_notifier
  transitions
  vlad
  vlad-git
  yui-compressor
